PATH
  remote: .
  specs:
    rubyapple (0.2.2)
      fileutils (~> 1.1, >= 1.1.0)
      rmagick (~> 2.16, >= 2.16.0)

GEM
  remote: https://rubygems.org/
  specs:
    fileutils (1.1.0)
    rake (12.3.1)
    rmagick (2.16.0)

PLATFORMS
  ruby

DEPENDENCIES
  bundler (~> 1.16, >= 1.16.2)
  rake (~> 12.3, >= 12.3.1)
  rubyapple!

BUNDLED WITH
   1.16.3
